GEM
  remote: https://rubygems.org/
  specs:
    activesupport (4.2.8)
      i18n (~> 0.7)
      minitest (~> 5.1)
      thread_safe (~> 0.3, >= 0.3.4)
      tzinfo (~> 1.1)
    colored (1.2)
    commonmarker (0.21.0)
      ruby-enum (~> 0.5)
    concurrent-ruby (1.1.6)
    filewatcher (1.1.1)
      optimist (~> 3.0)
    github-markup (3.0.4)
    htmlbeautifier (1.3.1)
    i18n (0.9.5)
      concurrent-ruby (~> 1.0)
    mini_portile2 (2.5.1)
    minitest (5.14.0)
    nokogiri (1.11.4)
      mini_portile2 (~> 2.5.0)
      racc (~> 1.4)
    nokogiri (1.11.4-x64-mingw32)
      racc (~> 1.4)
    optimist (3.0.0)
    os (1.1.0)
    racc (1.5.2)
    ruby-enum (0.8.0)
      i18n
    thread_safe (0.3.6)
    tzinfo (1.2.7)
      thread_safe (~> 0.1)

PLATFORMS
  ruby
  x64-mingw32

DEPENDENCIES
  activesupport (= 4.2.8)
  colored
  commonmarker
  filewatcher
  github-markup
  htmlbeautifier
  nokogiri
  os

BUNDLED WITH
   2.1.4
