GEM
  remote: https://rubygems.org/
  specs:
    activesupport (4.2.8)
      i18n (~> 0.7)
      minitest (~> 5.1)
      thread_safe (~> 0.3, >= 0.3.4)
      tzinfo (~> 1.1)
    colored (1.2)
    commonmarker (0.23.8)
    concurrent-ruby (1.2.2)
    filewatcher (2.1.0)
      module_methods (~> 0.1.0)
    github-markup (4.0.1)
    htmlbeautifier (1.4.2)
    i18n (0.9.5)
      concurrent-ruby (~> 1.0)
    mini_portile2 (2.8.1)
    minitest (5.17.0)
    module_methods (0.1.0)
    nokogiri (1.14.2)
      mini_portile2 (~> 2.8.0)
      racc (~> 1.4)
    os (1.1.4)
    racc (1.6.2)
    thread_safe (0.3.6)
    tzinfo (1.2.11)
      thread_safe (~> 0.1)

PLATFORMS
  ruby
  x64-mingw32

DEPENDENCIES
  activesupport (= 4.2.8)
  colored
  commonmarker
  filewatcher
  github-markup
  htmlbeautifier
  nokogiri
  os

RUBY VERSION
   ruby 3.1.2p20

BUNDLED WITH
   2.2.31
