GEM
  remote: https://rubygems.org/
  specs:
    activesupport (4.2.8)
      i18n (~> 0.7)
      minitest (~> 5.1)
      thread_safe (~> 0.3, >= 0.3.4)
      tzinfo (~> 1.1)
    colored (1.2)
    commonmarker (0.14.15)
      ruby-enum (~> 0.5)
    filewatcher (0.5.4)
      trollop (~> 2.0)
    github-markup (1.6.0)
    htmlbeautifier (1.3.0)
    i18n (0.8.1)
    mini_portile2 (2.4.0)
    minitest (5.10.1)
    nokogiri (1.10.8)
      mini_portile2 (~> 2.4.0)
    nokogiri (1.10.8-x64-mingw32)
      mini_portile2 (~> 2.4.0)
    os (1.0.0)
    ruby-enum (0.7.1)
      i18n
    thread_safe (0.3.6)
    trollop (2.1.2)
    tzinfo (1.2.3)
      thread_safe (~> 0.1)

PLATFORMS
  ruby
  x64-mingw32

DEPENDENCIES
  activesupport (= 4.2.8)
  colored
  commonmarker
  filewatcher
  github-markup
  htmlbeautifier
  nokogiri
  os

BUNDLED WITH
   1.14.6
