GEM
  remote: https://rubygems.org/
  specs:
    activesupport (4.2.8)
      i18n (~> 0.7)
      minitest (~> 5.1)
      thread_safe (~> 0.3, >= 0.3.4)
      tzinfo (~> 1.1)
    colored (1.2)
    commonmarker (0.23.5)
    concurrent-ruby (1.1.10)
    filewatcher (1.1.1)
      optimist (~> 3.0)
    github-markup (4.0.1)
    htmlbeautifier (1.4.2)
    i18n (0.9.5)
      concurrent-ruby (~> 1.0)
    mini_portile2 (2.8.0)
    minitest (5.16.2)
    nokogiri (1.13.8)
      mini_portile2 (~> 2.8.0)
      racc (~> 1.4)
    optimist (3.0.1)
    os (1.1.4)
    racc (1.6.0)
    thread_safe (0.3.6)
    tzinfo (1.2.10)
      thread_safe (~> 0.1)

PLATFORMS
  ruby
  x64-mingw32

DEPENDENCIES
  activesupport (= 4.2.8)
  colored
  commonmarker
  filewatcher
  github-markup
  htmlbeautifier
  nokogiri
  os

RUBY VERSION
   ruby 3.1.2p20

BUNDLED WITH
   2.2.31
