GEM
  remote: https://rubygems.org/
  specs:
    activesupport (6.1.7.1)
      concurrent-ruby (~> 1.0, >= 1.0.2)
      i18n (>= 1.6, < 2)
      minitest (>= 5.1)
      tzinfo (~> 2.0)
      zeitwerk (~> 2.3)
    colored (1.2)
    commonmarker (0.23.5)
    concurrent-ruby (1.1.10)
    filewatcher (1.1.1)
      optimist (~> 3.0)
    github-markup (4.0.1)
    htmlbeautifier (1.4.2)
    i18n (1.12.0)
      concurrent-ruby (~> 1.0)
    mini_portile2 (2.8.0)
    minitest (5.17.0)
    nokogiri (1.13.6)
      mini_portile2 (~> 2.8.0)
      racc (~> 1.4)
    nokogiri (1.13.6-x64-mingw32)
      racc (~> 1.4)
    optimist (3.0.1)
    os (1.1.4)
    racc (1.6.0)
    tzinfo (2.0.5)
      concurrent-ruby (~> 1.0)
    zeitwerk (2.6.6)

PLATFORMS
  ruby
  x64-mingw32

DEPENDENCIES
  activesupport (= 6.1.7.1)
  colored
  commonmarker
  filewatcher
  github-markup
  htmlbeautifier
  nokogiri
  os

RUBY VERSION
   ruby 3.0.2p107

BUNDLED WITH
   2.2.31
