GEM
  remote: https://rubygems.org/
  specs:
    activesupport (7.2.2.1)
      base64
      benchmark (>= 0.3)
      bigdecimal
      concurrent-ruby (~> 1.0, >= 1.3.1)
      connection_pool (>= 2.2.5)
      drb
      i18n (>= 1.6, < 2)
      logger (>= 1.4.2)
      minitest (>= 5.1)
      securerandom (>= 0.3)
      tzinfo (~> 2.0, >= 2.0.5)
    base64 (0.2.0)
    benchmark (0.4.0)
    bigdecimal (3.1.8)
    colored (1.2)
    commonmarker (0.23.11)
    concurrent-ruby (1.3.4)
    connection_pool (2.4.1)
    drb (2.2.1)
    execjs (2.10.0)
    filewatcher (2.1.0)
      module_methods (~> 0.1.0)
    github-markup (5.0.1)
    google-protobuf (4.29.1)
      bigdecimal
      rake (>= 13)
    htmlcompressor (0.4.0)
    i18n (1.14.6)
      concurrent-ruby (~> 1.0)
    libv8-node (18.19.0.0)
    logger (1.6.3)
    mini_portile2 (2.8.8)
    mini_racer (0.16.0)
      libv8-node (~> 18.19.0.0)
    minitest (5.25.4)
    module_methods (0.1.0)
    nokogiri (1.17.2)
      mini_portile2 (~> 2.8.2)
      racc (~> 1.4)
    os (1.1.4)
    racc (1.8.1)
    rake (13.2.1)
    sass-embedded (1.83.0)
      google-protobuf (~> 4.28)
      rake (>= 13)
    securerandom (0.4.1)
    terser (1.2.4)
      execjs (>= 0.3.0, < 3)
    tzinfo (2.0.6)
      concurrent-ruby (~> 1.0)

PLATFORMS
  ruby

DEPENDENCIES
  activesupport
  colored
  commonmarker
  filewatcher
  github-markup
  htmlcompressor
  mini_racer
  nokogiri
  os
  sass-embedded
  terser

RUBY VERSION
   ruby 3.1.2p20

BUNDLED WITH
   2.4.22
