GEM
  remote: https://rubygems.org/
  specs:
    activesupport (7.2.1)
      base64
      bigdecimal
      concurrent-ruby (~> 1.0, >= 1.3.1)
      connection_pool (>= 2.2.5)
      drb
      i18n (>= 1.6, < 2)
      logger (>= 1.4.2)
      minitest (>= 5.1)
      securerandom (>= 0.3)
      tzinfo (~> 2.0, >= 2.0.5)
    base64 (0.2.0)
    bigdecimal (3.1.8)
    colored (1.2)
    commonmarker (0.23.10)
    concurrent-ruby (1.3.4)
    connection_pool (2.4.1)
    drb (2.2.1)
    execjs (2.9.1)
    filewatcher (2.1.0)
      module_methods (~> 0.1.0)
    github-markup (5.0.1)
    google-protobuf (4.28.2)
      bigdecimal
      rake (>= 13)
    htmlcompressor (0.4.0)
    i18n (1.14.6)
      concurrent-ruby (~> 1.0)
    libv8-node (18.19.0.0)
    libv8-node (18.19.0.0-arm64-darwin)
    libv8-node (18.19.0.0-x86_64-linux)
    logger (1.6.1)
    mini_portile2 (2.8.7)
    mini_racer (0.16.0)
      libv8-node (~> 18.19.0.0)
    minitest (5.25.1)
    module_methods (0.1.0)
    nokogiri (1.16.7)
      mini_portile2 (~> 2.8.2)
      racc (~> 1.4)
    os (1.1.4)
    racc (1.8.1)
    rake (13.2.1)
    sass-embedded (1.79.4-arm64-darwin)
      google-protobuf (~> 4.27)
    sass-embedded (1.79.4-x64-mingw32)
      google-protobuf (~> 4.27)
    sass-embedded (1.79.4-x86_64-linux-gnu)
      google-protobuf (~> 4.27)
    securerandom (0.3.1)
    terser (1.2.3)
      execjs (>= 0.3.0, < 3)
    tzinfo (2.0.6)
      concurrent-ruby (~> 1.0)

PLATFORMS
  arm64-darwin-21
  arm64-darwin-23
  x64-mingw32
  x86_64-linux

DEPENDENCIES
  activesupport
  colored
  commonmarker (< 1)
  filewatcher
  github-markup
  htmlcompressor
  mini_racer
  nokogiri
  os
  sass-embedded
  terser

RUBY VERSION
   ruby 3.3.5p100

BUNDLED WITH
   2.4.22
