GEM
  remote: https://rubygems.org/
  specs:
    activesupport (7.1.3.2)
      base64
      bigdecimal
      concurrent-ruby (~> 1.0, >= 1.0.2)
      connection_pool (>= 2.2.5)
      drb
      i18n (>= 1.6, < 2)
      minitest (>= 5.1)
      mutex_m
      tzinfo (~> 2.0)
    base64 (0.2.0)
    bigdecimal (3.1.7)
    colored (1.2)
    commonmarker (0.23.10)
    concurrent-ruby (1.2.3)
    connection_pool (2.4.1)
    drb (2.2.1)
    execjs (2.9.1)
    filewatcher (2.1.0)
      module_methods (~> 0.1.0)
    github-markup (4.0.2)
    google-protobuf (4.26.1)
      rake (>= 13)
    htmlcompressor (0.4.0)
    i18n (1.14.4)
      concurrent-ruby (~> 1.0)
    libv8-node (18.19.0.0)
    libv8-node (18.19.0.0-arm64-darwin)
    libv8-node (18.19.0.0-x86_64-linux)
    mini_portile2 (2.8.6)
    mini_racer (0.9.0)
      libv8-node (~> 18.19.0.0)
    minitest (5.22.3)
    module_methods (0.1.0)
    mutex_m (0.2.0)
    nokogiri (1.16.4)
      mini_portile2 (~> 2.8.2)
      racc (~> 1.4)
    os (1.1.4)
    racc (1.7.3)
    rake (13.2.1)
    sass-embedded (1.75.0-arm64-darwin)
      google-protobuf (>= 3.25, < 5.0)
    sass-embedded (1.75.0-x64-mingw32)
      google-protobuf (>= 3.25, < 5.0)
    sass-embedded (1.75.0-x86_64-linux)
      google-protobuf (>= 3.25, < 5.0)
    terser (1.2.2)
      execjs (>= 0.3.0, < 3)
    tzinfo (2.0.6)
      concurrent-ruby (~> 1.0)

PLATFORMS
  arm64-darwin-21
  x64-mingw32
  x86_64-linux

DEPENDENCIES
  activesupport
  colored
  commonmarker
  filewatcher
  github-markup
  htmlcompressor
  mini_racer
  nokogiri
  os
  sass-embedded
  terser

RUBY VERSION
   ruby 3.1.2p20

BUNDLED WITH
   2.4.22
