GEM
  remote: https://rubygems.org/
  specs:
    activesupport (7.0.7.1)
      concurrent-ruby (~> 1.0, >= 1.0.2)
      i18n (>= 1.6, < 2)
      minitest (>= 5.1)
      tzinfo (~> 2.0)
    colored (1.2)
    commonmarker (0.23.9)
    concurrent-ruby (1.2.2)
    execjs (2.8.1)
    ffi (1.15.5)
    ffi (1.15.5-x64-mingw32)
    filewatcher (2.1.0)
      module_methods (~> 0.1.0)
    github-markup (4.0.1)
    htmlcompressor (0.4.0)
    i18n (1.14.1)
      concurrent-ruby (~> 1.0)
    mini_portile2 (2.8.2)
    minitest (5.19.0)
    module_methods (0.1.0)
    nokogiri (1.15.2)
      mini_portile2 (~> 2.8.2)
      racc (~> 1.4)
    os (1.1.4)
    racc (1.7.0)
    sassc (2.4.0)
      ffi (~> 1.9)
    sassc (2.4.0-x64-mingw32)
      ffi (~> 1.9)
    terser (1.1.16)
      execjs (>= 0.3.0, < 3)
    tzinfo (2.0.6)
      concurrent-ruby (~> 1.0)

PLATFORMS
  ruby
  x64-mingw32

DEPENDENCIES
  activesupport
  colored
  commonmarker
  filewatcher
  github-markup
  htmlcompressor
  nokogiri
  os
  sassc
  terser

RUBY VERSION
   ruby 3.1.2p20

BUNDLED WITH
   2.2.31
